PATH
  remote: .
  specs:
    s3cp (1.1.42)
      aws-sdk-core
      aws-sdk-s3 (= 1.42.0)
      extensions (~> 0.6)
      highline (>= 1.7.8)
      nokogiri (~> 1.10.3)
      progressbar (~> 1.10.0)

GEM
  remote: http://rubygems.org/
  specs:
    aws-eventstream (1.0.3)
    aws-partitions (1.175.0)
    aws-sdk-core (3.55.0)
      aws-eventstream (~> 1.0, >= 1.0.2)
      aws-partitions (~> 1.0)
      aws-sigv4 (~> 1.1)
      jmespath (~> 1.0)
    aws-sdk-kms (1.21.0)
      aws-sdk-core (~> 3, >= 3.53.0)
      aws-sigv4 (~> 1.1)
    aws-sdk-s3 (1.42.0)
      aws-sdk-core (~> 3, >= 3.53.0)
      aws-sdk-kms (~> 1)
      aws-sigv4 (~> 1.1)
    aws-sigv4 (1.1.0)
      aws-eventstream (~> 1.0, >= 1.0.2)
    diff-lcs (1.1.3)
    extensions (0.6.0)
    highline (2.0.2)
    jmespath (1.4.0)
    mini_portile2 (2.4.0)
    nokogiri (1.10.3)
      mini_portile2 (~> 2.4.0)
    progressbar (1.10.1)
    rake (0.8.7)
    rspec (2.5.0)
      rspec-core (~> 2.5.0)
      rspec-expectations (~> 2.5.0)
      rspec-mocks (~> 2.5.0)
    rspec-core (2.5.2)
    rspec-expectations (2.5.0)
      diff-lcs (~> 1.1.2)
    rspec-mocks (2.5.0)

PLATFORMS
  ruby

DEPENDENCIES
  rake (~> 0.8.7)
  rspec (~> 2.5.0)
  s3cp!

BUNDLED WITH
   1.16.6
